GEM
  remote: http://rubygems.org/
  specs:
    RedCloth (4.2.8)
    activesupport (2.3.14)
    hoe (3.0.8)
      rake (~> 0.8)
    i18n (0.6.0)
    json (1.6.7)
    newgem (1.5.3)
      RedCloth (>= 4.1.1)
      activesupport (~> 2.3.4)
      hoe (>= 2.4.0)
      rubigen (>= 1.5.3)
      syntax (>= 1.0.0)
    rake (0.9.2.2)
    rdoc (3.12)
      json (~> 1.4)
    rubigen (1.5.6)
      activesupport (>= 2.3.5)
      i18n
    ruby-graphviz (1.0.8)
    ruby-xslt (0.9.9)
    syntax (1.0.0)

PLATFORMS
  ruby

DEPENDENCIES
  hoe (~> 3.0)
  newgem (>= 1.5.3)
  rdoc (~> 3.10)
  ruby-graphviz (>= 1.0.8)
  ruby-xslt (>= 0.9.9)
